GEM
  remote: https://rubygems.org/
  specs:
    diff-lcs (1.2.5)
    haml (4.0.6)
      tilt
    rack (1.6.4)
    rspec (3.3.0)
      rspec-core (~> 3.3.0)
      rspec-expectations (~> 3.3.0)
      rspec-mocks (~> 3.3.0)
    rspec-core (3.3.1)
      rspec-support (~> 3.3.0)
    rspec-expectations (3.3.0)
      diff-lcs (>= 1.2.0, < 2.0)
      rspec-support (~> 3.3.0)
    rspec-mocks (3.3.1)
      diff-lcs (>= 1.2.0, < 2.0)
      rspec-support (~> 3.3.0)
    rspec-support (3.3.0)
    sass (3.4.14)
    tilt (2.0.1)

PLATFORMS
  ruby

DEPENDENCIES
  haml
  rack
  rspec
  sass
